
type = string-attribute
name = HISTORY_NOTE
count = 762
'[taylorpa3@cn4365: Mon Mar 10 17:11:47 2025] {AFNI_25.0.07:linux_rocky_8} 3dDeconvolve -input pb05.sub-000.r01.scale+orig.HEAD pb05.sub-000.r02.scale+orig.HEAD -censor censor_sub-000_combined_2.1D -ortvec mot_demean.r01.1D mot_demean_r01 -ortvec mot_demean.r02.1D mot_demean_r02 -polort 3 -num_stimts 1 -stim_times 1 stimuli/offset_stim_checkbrd.1D 'BLOCK(10,1)' -stim_label 1 checkbrd -fout -tout -x1D X.xmat.1D -xjpeg X.jpg -x1D_uncensored X.nocensor.xmat.1D -errts errts.sub-000 -bucket stats.sub-000\n[taylorpa3@cn4365: Mon Mar 10 17:11:47 2025] Output prefix: stats.sub-000\n[taylorpa3@cn4353: Mon Mar 10 18:21:00 2025] {AFNI_25.0.07:linux_rocky_8} 3dcopy /data/NIMH_SSCC/p022_dead_salmon/data_21_ap/sub-000/ses-01/sub-000.results/stats.sub-000+orig.HEAD .~

type = string-attribute
name = TYPESTRING
count = 15
'3DIM_HEAD_FUNC~

type = string-attribute
name = IDCODE_STRING
count = 27
'AFN_tmTuf2VF5bB4C3x8gCrO5g~

type = string-attribute
name = IDCODE_DATE
count = 25
'Mon Mar 10 18:21:00 2025~

type = integer-attribute
name = SCENE_DATA
count = 8
 0 11 1 -999 -999
 -999 -999 -999

type = string-attribute
name = LABEL_1
count = 5
'zyxt~

type = string-attribute
name = LABEL_2
count = 5
'zyxt~

type = string-attribute
name = DATASET_NAME
count = 5
'zyxt~

type = integer-attribute
name = ORIENT_SPECIFIC
count = 3
 0 2 4

type  = float-attribute
name  = ORIGIN
count = 3
        -77.177        65.3865       -50.8289

type  = float-attribute
name  = DELTA
count = 3
              2             -2              2

type  = float-attribute
name  = IJK_TO_DICOM
count = 12
              2              0              0        -77.177              0
             -2              0        65.3865              0              0
              2       -50.8289

type  = float-attribute
name  = IJK_TO_DICOM_REAL
count = 12
              2              0              0        -77.177              0
             -2              0        65.3865              0              0
              2       -50.8289

type  = float-attribute
name  = BRICK_STATS
count = 8
              0       18.44645      -9.368783       11.19043      -4.294933
       4.058437              0       18.44645

type = integer-attribute
name = DATASET_RANK
count = 8
 3 4 0 0 0
 0 0 0

type = integer-attribute
name = DATASET_DIMENSIONS
count = 5
 80 80 50 0 0

type = integer-attribute
name = BRICK_TYPES
count = 4
 3 3 3 3

type  = float-attribute
name  = BRICK_FLOAT_FACS
count = 4
              0              0              0              0

type = string-attribute
name = BRICK_LABS
count = 59
'Full_Fstat~checkbrd#0_Coef~checkbrd#0_Tstat~checkbrd_Fstat~

type  = float-attribute
name  = BRICK_STATAUX
count = 14
              0              4              2              1            313
              2              3              1            313              3
              4              2              1            313

type = string-attribute
name = BRICK_STATSYM
count = 42
'Ftest(1,313);none;Ttest(313);Ftest(1,313)~

type  = float-attribute
name  = FDRCURVE_000000
count = 103
   1.869789e-05      0.0238553    0.004320631    0.004321342    0.004322053
    0.004322349    0.004322349    0.004322349    0.004322349    0.004322349
    0.004322349    0.004498159    0.004500644    0.004503129    0.004505613
    0.004508099    0.004510583    0.004513068    0.004515553    0.004518038
    0.004520523    0.004521062    0.005069444    0.005163145    0.005756242
    0.006010769    0.006013735    0.006013996    0.006014257    0.006014518
     0.00601478    0.006015041    0.006015302    0.006015563    0.006015598
    0.006015598    0.006015598    0.006015598    0.006015598    0.006015598
    0.006046695    0.006299102    0.006422734    0.006423107    0.006423481
    0.006423855    0.006424229    0.006424603    0.006424977     0.00642535
    0.006425724    0.006426098    0.006426472    0.006426845    0.006427219
    0.006427593    0.006427967     0.00642834    0.006428714    0.006429088
    0.006429462    0.006429836     0.00643021    0.006430584    0.006430957
    0.006431331    0.006431704    0.006432078    0.006432452    0.006432827
      0.0064332    0.006433574    0.006433947    0.006434321    0.006434695
    0.006435069    0.006435443    0.006435816    0.006436191    0.006436564
    0.006436937    0.006437312    0.006437685    0.006438059    0.006438433
    0.006438807    0.006439181    0.006439555    0.006439928    0.006440302
    0.006440676     0.00644105    0.006441424    0.006441797    0.006442171
    0.006442545    0.006442919    0.006443293    0.006443666     0.00644404
    0.006444414    0.006444788    0.006445673

type  = float-attribute
name  = FDRCURVE_000002
count = 103
   0.0001558944     0.01699938    0.000129685   0.0005228487   0.0005228487
   0.0005228487   0.0005228487   0.0009885881   0.0009887659   0.0009889436
   0.0009891214    0.000989299   0.0009894768   0.0009896546   0.0009898324
   0.0009900101   0.0009901879   0.0009903656   0.0009905434    0.001034991
     0.00103641    0.001037829    0.001039247    0.001039497    0.001039497
    0.001039497    0.001039497    0.001039497    0.001159458    0.001359294
    0.001359666    0.001360039    0.001360411    0.001360784    0.001361156
    0.001361529    0.001361901    0.001362274    0.001362646    0.001363019
    0.001363391    0.001363763    0.001363934    0.001943924    0.002123491
    0.002832967    0.002873432    0.002873969    0.002874507    0.002874738
    0.002874738    0.002874738    0.002874738    0.002874738    0.002874738
    0.002874738    0.002874738    0.002874738    0.002911017    0.003224582
    0.003280935    0.003281278    0.003281621    0.003281964    0.003282307
     0.00328265    0.003282993    0.003283336    0.003283679    0.003284022
    0.003284365    0.003284707    0.003285051    0.003285394    0.003285736
     0.00328608    0.003286422    0.003286765    0.003287108    0.003287451
    0.003287794    0.003288137     0.00328848    0.003288823    0.003289166
    0.003289509    0.003289852    0.003290195    0.003290538     0.00329088
    0.003291224    0.003291566     0.00329191    0.003292252    0.003292596
    0.003292938    0.003293281    0.003293624    0.003293967     0.00329431
    0.003294653    0.003294996    0.003304284

type  = float-attribute
name  = FDRCURVE_000003
count = 103
   1.869789e-05      0.0238553    0.004320631    0.004321342    0.004322053
    0.004322349    0.004322349    0.004322349    0.004322349    0.004322349
    0.004322349    0.004498159    0.004500644    0.004503129    0.004505613
    0.004508099    0.004510583    0.004513068    0.004515553    0.004518038
    0.004520523    0.004521062    0.005069444    0.005163145    0.005756242
    0.006010769    0.006013735    0.006013996    0.006014257    0.006014518
     0.00601478    0.006015041    0.006015302    0.006015563    0.006015598
    0.006015598    0.006015598    0.006015598    0.006015598    0.006015598
    0.006046695    0.006299102    0.006422734    0.006423107    0.006423481
    0.006423855    0.006424229    0.006424603    0.006424977     0.00642535
    0.006425724    0.006426098    0.006426472    0.006426845    0.006427219
    0.006427593    0.006427967     0.00642834    0.006428714    0.006429088
    0.006429462    0.006429836     0.00643021    0.006430584    0.006430957
    0.006431331    0.006431704    0.006432078    0.006432452    0.006432827
      0.0064332    0.006433574    0.006433947    0.006434321    0.006434695
    0.006435069    0.006435443    0.006435816    0.006436191    0.006436564
    0.006436937    0.006437312    0.006437685    0.006438059    0.006438433
    0.006438807    0.006439181    0.006439555    0.006439928    0.006440302
    0.006440676     0.00644105    0.006441424    0.006441797    0.006442171
    0.006442545    0.006442919    0.006443293    0.006443666     0.00644404
    0.006444414    0.006444788    0.006445673

type = string-attribute
name = TEMPLATE_SPACE
count = 5
'ORIG~

type = integer-attribute
name = INT_CMAP
count = 1
 0

type = string-attribute
name = BYTEORDER_STRING
count = 10
'LSB_FIRST~

type = string-attribute
name = BRICK_KEYWORDS
count = 4
'~~~~
