
type = string-attribute
name = HISTORY_NOTE
count = 506
'[taylorpa3@cn4365: Mon Mar 10 17:11:49 2025] 3dDeconvolve -input pb05.sub-000.r01.scale+orig.HEAD pb05.sub-000.r02.scale+orig.HEAD -censor censor_sub-000_combined_2.1D -ortvec mot_demean.r01.1D mot_demean_r01 -ortvec mot_demean.r02.1D mot_demean_r02 -polort 3 -num_stimts 1 -stim_times 1 stimuli/offset_stim_checkbrd.1D 'BLOCK(10,1)' -stim_label 1 checkbrd -fout -tout -x1D X.xmat.1D -xjpeg X.jpg -x1D_uncensored X.nocensor.xmat.1D -errts errts.sub-000 -bucket stats.sub-000 ; Output prefix: errts.sub-000~

type = string-attribute
name = TYPESTRING
count = 15
'3DIM_HEAD_ANAT~

type = string-attribute
name = IDCODE_STRING
count = 27
'AFN_U9wfaF08ZvWhIukysMl1Sg~

type = string-attribute
name = IDCODE_DATE
count = 25
'Mon Mar 10 17:11:49 2025~

type = integer-attribute
name = SCENE_DATA
count = 8
 0 2 0 -999 -999
 -999 -999 -999

type = string-attribute
name = LABEL_1
count = 14
'errts.sub-000~

type = string-attribute
name = LABEL_2
count = 5
'zyxt~

type = string-attribute
name = DATASET_NAME
count = 14
'errts.sub-000~

type = integer-attribute
name = ORIENT_SPECIFIC
count = 3
 0 2 4

type  = float-attribute
name  = ORIGIN
count = 3
        -77.177        65.3865       -50.8289

type  = float-attribute
name  = DELTA
count = 3
              2             -2              2

type  = float-attribute
name  = IJK_TO_DICOM
count = 12
              2              0              0        -77.177              0
             -2              0        65.3865              0              0
              2       -50.8289

type  = float-attribute
name  = IJK_TO_DICOM_REAL
count = 12
              2              0              0        -77.177              0
             -2              0        65.3865              0              0
              2       -50.8289

type  = float-attribute
name  = BRICK_STATS
count = 668
      -49.24584       63.09212      -50.01022       68.64424      -49.77016
       62.10269      -51.04476       59.71583      -50.63793       73.13156
      -50.47565       57.75578      -51.62122       60.00788      -44.32195
       59.78627      -50.19391       66.07091      -50.67017       103.3914
      -50.03212       64.75526      -49.25097       77.44765      -49.81218
       63.88326      -60.50664       65.25887      -48.74341       62.03217
      -49.66619       73.62985      -44.86392          65.98      -49.46259
       57.80941      -50.93116       77.22449      -50.86373       83.28352
      -43.56672       56.74442      -48.54096       78.92315      -49.71349
       56.85809      -52.38076       62.94503      -57.76578       60.13304
      -59.31591       79.30196      -47.43103       62.67965      -52.57918
        72.9141      -51.12017       83.74007      -56.76945       64.42788
      -61.11603       52.79247      -47.11679       88.85428      -48.58583
       65.68795      -61.13407       65.89682      -51.62262       65.14388
      -46.37423       76.02701      -54.02299       76.94476      -56.02618
       88.27662      -45.91608       69.37848      -54.38111       74.72003
      -51.36146       79.30045      -46.40649       72.82016      -51.91796
       58.41221      -47.07259       80.66442      -47.48167       83.33559
      -46.52006       71.17546      -53.25021       75.11382      -53.91987
       86.81873      -49.74849        61.4752      -54.62621       66.90052
      -50.93307       76.16364      -44.75148       65.50558      -50.01288
       57.92766      -58.89006       59.59684      -55.02592        62.2219
      -52.14139       82.27528      -70.69962       64.26316       -61.0681
       66.65506       -44.7937       60.60768      -45.59081       75.55341
      -57.04494       88.94644       -65.8159       75.92085      -50.57317
       80.73746      -55.62101       77.54455      -54.17529       61.53496
      -48.38279        62.3973      -55.87451       66.44785      -47.38759
       89.91955      -56.13416       67.63942      -47.87264       77.06793
      -49.52828        76.5683      -47.61423       76.99887      -56.54997
       63.61089      -50.16018       79.15469      -49.27807       70.00285
      -51.58025       75.55687      -45.25195       59.39505       -57.6583
       59.38958      -51.66463       76.07053       -53.4568       57.85674
      -52.72372       62.20892      -55.50632       84.40572      -49.25119
       60.90194      -58.86094       74.14481      -50.41681       58.06241
      -55.21116       64.18105      -48.17593       67.36326      -51.98182
       71.69089      -54.52439       71.70187      -48.16121       65.00741
      -55.28064       59.74009       -67.8009       69.29075      -54.97291
       59.55215      -55.57497       64.61248      -52.03644       80.74313
      -57.13467       55.64279      -52.44525         51.501      -50.58038
       78.25794      -46.05083       70.15568      -46.28889       65.40514
      -49.42558       80.19115      -50.60651       70.72537       -45.6032
       61.42336      -50.43351       72.17927      -55.43809       74.06587
       -50.4388       68.50354      -55.91098        80.7522      -54.84487
       63.72638      -46.54265       61.23509      -51.48385       78.15534
      -53.79958       58.18947      -57.20646       64.83513      -48.82843
       66.61624      -54.80866       63.68451      -56.72047       72.86816
       -50.6798       55.35998      -47.69126       58.75545      -51.55438
       66.30337      -53.70685       80.70553      -62.46861       63.75684
      -51.96236       102.7418      -49.56646       71.49868      -53.94757
       60.42061       -51.7914       57.30387      -55.67311       75.38879
      -48.61662       70.91176      -49.46782       61.25056      -60.76423
       65.00832      -45.24909       64.21178       -60.4092       76.63341
      -47.83971       68.81743      -55.30476       56.10028      -48.41955
       60.38522         -61.07       66.08899      -66.80564       76.68718
      -50.60411       59.60904      -55.58035       76.35448      -71.45648
        75.7749      -48.35064        93.6242      -55.29412       56.46969
      -54.30186       76.39005      -48.23396       77.06355      -51.92894
       97.57306      -58.47055       81.11584      -49.20072       60.40405
      -50.76038       67.56749      -49.52271       65.07235      -53.21598
       67.52923      -56.67091        71.9846      -61.95068       78.17661
      -63.99234       64.41792      -58.96523       75.60131      -52.59954
       64.23353      -60.41862        69.8693      -54.41718       66.97739
      -57.40556       66.43495      -53.36488       61.40831      -51.36849
       65.66985      -48.70258       87.62649      -47.63066       57.76262
      -55.24312       76.76489      -58.89919       72.56777      -49.64758
       77.81978      -47.33866       65.13725      -52.56463       67.78455
      -58.46361       64.14069      -58.61898       57.43729      -43.17063
       52.90582      -57.94109       58.94991      -49.85804       63.86938
      -53.87753       56.46806      -49.91168        55.0647      -51.48618
       70.95613      -49.43906       52.82383      -58.24536       57.88043
        -60.908       65.66483      -48.35185       62.61545      -47.74241
       71.96703      -47.83502       67.37347      -49.40084       57.41205
       -46.1432       59.06187      -48.73507       61.58794      -54.31668
        67.0793      -48.47947       57.74403      -51.66414        56.7536
      -59.22152       70.12621      -50.43328       75.31861      -53.29501
       77.02283      -44.85668       100.1105       -49.1243        70.7205
      -56.73516       75.43933      -46.32699        100.332      -45.49405
       75.38817      -45.27837        55.9856      -43.48732        77.3497
      -50.87744       53.16785      -47.11826       63.82532      -56.79903
       68.25434       -61.2879        62.4814      -51.21713       66.34341
      -62.05381       63.06351      -51.01599       59.64718      -51.76989
       66.93921      -46.31504       80.34298      -45.07897       55.27591
      -44.56312       60.57955      -43.19814       73.85468      -49.61235
       70.25636      -50.25729        64.8911      -60.17738       55.37509
      -41.59239       61.16038      -49.17374       64.73283        -52.709
       59.69461      -51.77593       56.56855       -47.0839       60.50255
      -51.19692       83.88235      -51.16389       65.17378      -51.02652
       59.02949      -49.34327       80.54514      -46.11946       62.24911
      -49.70856       52.32332        -51.291       63.78474      -51.79126
       80.91288      -48.56128       69.98633      -54.85384       63.67578
      -53.01893       69.50388      -47.15961       65.06076      -58.03965
       63.25506      -53.84042        71.3904      -54.15147       65.08667
      -48.43436       52.24799       -51.7003       76.64864      -49.93544
       63.60822        -43.254       66.90595      -43.72431       76.21708
      -57.07422       54.13464      -46.12309       69.09981      -46.70104
       58.72918      -56.89446       65.97704      -50.56973        57.0932
      -46.65338       60.96966      -50.34148        56.6921      -58.65249
       58.85023      -50.19814       68.69968      -48.94064       78.46342
      -45.98902       75.30771      -55.56972       58.44115      -49.27545
       55.76648      -58.10064       71.17978      -47.56075       62.32255
      -49.65139       70.91367      -53.71141       78.93348      -49.79119
       90.46181      -53.82373       66.67963      -55.35511        64.6838
      -53.68185       68.21269      -48.53543       76.09153      -49.21428
       79.32989       -59.5698       53.64536      -44.17488        69.7012
      -53.48905       76.34373      -45.39059        53.7739       -50.2751
        96.0975      -43.33784       65.10737      -48.45714       52.35592
      -45.29646       77.86727      -48.35827       67.98409      -43.71702
       73.12456      -50.16216       82.26537      -48.16241       76.20467
      -49.04108       59.21708      -48.66811       59.54414       -55.6962
       58.11473      -50.12447       71.60661      -56.92387         61.688
      -54.77021       71.49535      -58.09663       76.22891      -61.17443
       69.77758      -56.94197       76.77596      -47.01252       56.11266
      -45.95377       57.40336      -45.53441       68.85109      -52.37189
       81.09304      -43.21748       75.06725      -49.91546       59.25526
      -60.33084       67.08306      -47.88437       65.17982      -52.42519
       88.59061      -45.69044       57.85229      -48.35574       61.76442
      -58.57581       70.05212       -67.4802       71.95644      -48.32503
       67.65011      -50.05145       63.91164      -63.18116       92.74283
      -53.56184       65.28387      -51.96574       72.13207      -53.42096
       61.86194      -50.81426       67.73517      -51.14201       75.26439
      -50.84816        70.9889      -50.22977       95.60883      -46.20719
       76.01881      -49.24323       85.91245      -49.08496       67.10892
      -52.76757       87.67582      -47.87673       66.87223      -72.89702
       58.50454      -54.52552       63.66971      -52.93032       69.80096
      -66.01295       75.80961      -48.50745       63.80201      -58.40919
       69.99356      -48.87347       61.91145      -44.65935       53.61389
      -46.17233        62.0156      -47.83747         73.038      -47.91545
        66.8139       -51.4623       56.59604      -57.97461       60.48566
      -55.56885       62.95751      -48.78254       67.74366      -49.68475
       72.08008      -56.15486        70.8269      -47.71145       77.07554
      -62.58228        59.0192       -50.0819       62.66584      -59.08344
       56.30691      -52.70556       54.85329      -46.22571       63.33307
       -47.2846       62.59922      -48.92076       65.75764      -55.16236
       62.56058      -61.57131       65.62567

type = integer-attribute
name = TAXIS_NUMS
count = 8
 334 0 77002 -999 -999
 -999 -999 -999

type  = float-attribute
name  = TAXIS_FLOATS
count = 8
              0              2              0              0              0
        -999999        -999999        -999999

type = integer-attribute
name = DATASET_RANK
count = 8
 3 334 0 0 0
 0 0 0

type = integer-attribute
name = DATASET_DIMENSIONS
count = 5
 80 80 50 0 0

type = integer-attribute
name = BRICK_TYPES
count = 334
 3 3 3 3 3
 3 3 3 3 3
 3 3 3 3 3
 3 3 3 3 3
 3 3 3 3 3
 3 3 3 3 3
 3 3 3 3 3
 3 3 3 3 3
 3 3 3 3 3
 3 3 3 3 3
 3 3 3 3 3
 3 3 3 3 3
 3 3 3 3 3
 3 3 3 3 3
 3 3 3 3 3
 3 3 3 3 3
 3 3 3 3 3
 3 3 3 3 3
 3 3 3 3 3
 3 3 3 3 3
 3 3 3 3 3
 3 3 3 3 3
 3 3 3 3 3
 3 3 3 3 3
 3 3 3 3 3
 3 3 3 3 3
 3 3 3 3 3
 3 3 3 3 3
 3 3 3 3 3
 3 3 3 3 3
 3 3 3 3 3
 3 3 3 3 3
 3 3 3 3 3
 3 3 3 3 3
 3 3 3 3 3
 3 3 3 3 3
 3 3 3 3 3
 3 3 3 3 3
 3 3 3 3 3
 3 3 3 3 3
 3 3 3 3 3
 3 3 3 3 3
 3 3 3 3 3
 3 3 3 3 3
 3 3 3 3 3
 3 3 3 3 3
 3 3 3 3 3
 3 3 3 3 3
 3 3 3 3 3
 3 3 3 3 3
 3 3 3 3 3
 3 3 3 3 3
 3 3 3 3 3
 3 3 3 3 3
 3 3 3 3 3
 3 3 3 3 3
 3 3 3 3 3
 3 3 3 3 3
 3 3 3 3 3
 3 3 3 3 3
 3 3 3 3 3
 3 3 3 3 3
 3 3 3 3 3
 3 3 3 3 3
 3 3 3 3 3
 3 3 3 3 3
 3 3 3 3

type  = float-attribute
name  = BRICK_FLOAT_FACS
count = 334
              0              0              0              0              0
              0              0              0              0              0
              0              0              0              0              0
              0              0              0              0              0
              0              0              0              0              0
              0              0              0              0              0
              0              0              0              0              0
              0              0              0              0              0
              0              0              0              0              0
              0              0              0              0              0
              0              0              0              0              0
              0              0              0              0              0
              0              0              0              0              0
              0              0              0              0              0
              0              0              0              0              0
              0              0              0              0              0
              0              0              0              0              0
              0              0              0              0              0
              0              0              0              0              0
              0              0              0              0              0
              0              0              0              0              0
              0              0              0              0              0
              0              0              0              0              0
              0              0              0              0              0
              0              0              0              0              0
              0              0              0              0              0
              0              0              0              0              0
              0              0              0              0              0
              0              0              0              0              0
              0              0              0              0              0
              0              0              0              0              0
              0              0              0              0              0
              0              0              0              0              0
              0              0              0              0              0
              0              0              0              0              0
              0              0              0              0              0
              0              0              0              0              0
              0              0              0              0              0
              0              0              0              0              0
              0              0              0              0              0
              0              0              0              0              0
              0              0              0              0              0
              0              0              0              0              0
              0              0              0              0              0
              0              0              0              0              0
              0              0              0              0              0
              0              0              0              0              0
              0              0              0              0              0
              0              0              0              0              0
              0              0              0              0              0
              0              0              0              0              0
              0              0              0              0              0
              0              0              0              0              0
              0              0              0              0              0
              0              0              0              0              0
              0              0              0              0              0
              0              0              0              0              0
              0              0              0              0              0
              0              0              0              0              0
              0              0              0              0              0
              0              0              0              0              0
              0              0              0              0              0
              0              0              0              0              0
              0              0              0              0              0
              0              0              0              0              0
              0              0              0              0              0
              0              0              0              0

type = string-attribute
name = BRICK_LABS
count = 7140
'sub-000_ses-01_t[3]~sub-000_ses-01_t[4]~sub-000_ses-01_t[5]~sub-000_ses-01_t[6]~sub-000_ses-01_t[7]~sub-000_ses-01_t[8]~sub-000_ses-01_t[9]~sub-000_ses-01_t[10]~sub-000_ses-01_t[11]~sub-000_ses-01_t[12]~sub-000_ses-01_t[13]~sub-000_ses-01_t[14]~sub-000_ses-01_t[15]~sub-000_ses-01_t[16]~sub-000_ses-01_t[17]~sub-000_ses-01_t[18]~sub-000_ses-01_t[19]~sub-000_ses-01_t[20]~sub-000_ses-01_t[21]~sub-000_ses-01_t[22]~sub-000_ses-01_t[23]~sub-000_ses-01_t[24]~sub-000_ses-01_t[25]~sub-000_ses-01_t[26]~sub-000_ses-01_t[27]~sub-000_ses-01_t[28]~sub-000_ses-01_t[29]~sub-000_ses-01_t[30]~sub-000_ses-01_t[31]~sub-000_ses-01_t[32]~sub-000_ses-01_t[33]~sub-000_ses-01_t[34]~sub-000_ses-01_t[35]~sub-000_ses-01_t[36]~sub-000_ses-01_t[37]~sub-000_ses-01_t[38]~sub-000_ses-01_t[39]~sub-000_ses-01_t[40]~sub-000_ses-01_t[41]~sub-000_ses-01_t[42]~sub-000_ses-01_t[43]~sub-000_ses-01_t[44]~sub-000_ses-01_t[45]~sub-000_ses-01_t[46]~sub-000_ses-01_t[47]~sub-000_ses-01_t[48]~sub-000_ses-01_t[49]~sub-000_ses-01_t[50]~sub-000_ses-01_t[51]~sub-000_ses-01_t[52]~sub-000_ses-01_t[53]~sub-000_ses-01_t[54]~sub-000_ses-01_t[55]~sub-000_ses-01_t[56]~sub-000_ses-01_t[57]~sub-000_ses-01_t[58]~sub-000_ses-01_t[59]~sub-000_ses-01_t[60]~sub-000_ses-01_t[61]~sub-000_ses-01_t[62]~sub-000_ses-01_t[63]~sub-000_ses-01_t[64]~sub-000_ses-01_t[65]~sub-000_ses-01_t[66]~sub-000_ses-01_t[67]~sub-000_ses-01_t[68]~sub-000_ses-01_t[69]~sub-000_ses-01_t[70]~sub-000_ses-01_t[71]~sub-000_ses-01_t[72]~sub-000_ses-01_t[73]~sub-000_ses-01_t[74]~sub-000_ses-01_t[75]~sub-000_ses-01_t[76]~sub-000_ses-01_t[77]~sub-000_ses-01_t[78]~sub-000_ses-01_t[79]~sub-000_ses-01_t[80]~sub-000_ses-01_t[81]~sub-000_ses-01_t[82]~sub-000_ses-01_t[83]~sub-000_ses-01_t[84]~sub-000_ses-01_t[85]~sub-000_ses-01_t[86]~sub-000_ses-01_t[87]~sub-000_ses-01_t[88]~sub-000_ses-01_t[89]~sub-000_ses-01_t[90]~sub-000_ses-01_t[91]~sub-000_ses-01_t[92]~sub-000_ses-01_t[93]~sub-000_ses-01_t[94]~sub-000_ses-01_t[95]~sub-000_ses-01_t[96]~sub-000_ses-01_t[97]~sub-000_ses-01_t[98]~sub-000_ses-01_t[99]~sub-000_ses-01_t[100]~sub-000_ses-01_t[101]~sub-000_ses-01_t[102]~sub-000_ses-01_t[103]~sub-000_ses-01_t[104]~sub-000_ses-01_t[105]~sub-000_ses-01_t[106]~sub-000_ses-01_t[107]~sub-000_ses-01_t[108]~sub-000_ses-01_t[109]~sub-000_ses-01_t[110]~sub-000_ses-01_t[111]~sub-000_ses-01_t[112]~sub-000_ses-01_t[113]~sub-000_ses-01_t[114]~sub-000_ses-01_t[115]~sub-000_ses-01_t[116]~sub-000_ses-01_t[117]~sub-000_ses-01_t[118]~sub-000_ses-01_t[119]~sub-000_ses-01_t[120]~sub-000_ses-01_t[121]~sub-000_ses-01_t[122]~sub-000_ses-01_t[123]~sub-000_ses-01_t[124]~sub-000_ses-01_t[125]~sub-000_ses-01_t[126]~sub-000_ses-01_t[127]~sub-000_ses-01_t[128]~sub-000_ses-01_t[129]~sub-000_ses-01_t[130]~sub-000_ses-01_t[131]~sub-000_ses-01_t[132]~sub-000_ses-01_t[133]~sub-000_ses-01_t[134]~sub-000_ses-01_t[135]~sub-000_ses-01_t[136]~sub-000_ses-01_t[137]~sub-000_ses-01_t[138]~sub-000_ses-01_t[139]~sub-000_ses-01_t[140]~sub-000_ses-01_t[141]~sub-000_ses-01_t[142]~sub-000_ses-01_t[143]~sub-000_ses-01_t[144]~sub-000_ses-01_t[145]~sub-000_ses-01_t[146]~sub-000_ses-01_t[147]~sub-000_ses-01_t[148]~sub-000_ses-01_t[149]~sub-000_ses-01_t[150]~sub-000_ses-01_t[151]~sub-000_ses-01_t[152]~sub-000_ses-01_t[153]~sub-000_ses-01_t[154]~sub-000_ses-01_t[155]~sub-000_ses-01_t[156]~sub-000_ses-01_t[157]~sub-000_ses-01_t[158]~sub-000_ses-01_t[159]~sub-000_ses-01_t[160]~sub-000_ses-01_t[161]~sub-000_ses-01_t[162]~sub-000_ses-01_t[163]~sub-000_ses-01_t[164]~sub-000_ses-01_t[165]~sub-000_ses-01_t[166]~sub-000_ses-01_t[167]~sub-000_ses-01_t[168]~sub-000_ses-01_t[169]~sub-000_ses-01_t[3]~sub-000_ses-01_t[4]~sub-000_ses-01_t[5]~sub-000_ses-01_t[6]~sub-000_ses-01_t[7]~sub-000_ses-01_t[8]~sub-000_ses-01_t[9]~sub-000_ses-01_t[10]~sub-000_ses-01_t[11]~sub-000_ses-01_t[12]~sub-000_ses-01_t[13]~sub-000_ses-01_t[14]~sub-000_ses-01_t[15]~sub-000_ses-01_t[16]~sub-000_ses-01_t[17]~sub-000_ses-01_t[18]~sub-000_ses-01_t[19]~sub-000_ses-01_t[20]~sub-000_ses-01_t[21]~sub-000_ses-01_t[22]~sub-000_ses-01_t[23]~sub-000_ses-01_t[24]~sub-000_ses-01_t[25]~sub-000_ses-01_t[26]~sub-000_ses-01_t[27]~sub-000_ses-01_t[28]~sub-000_ses-01_t[29]~sub-000_ses-01_t[30]~sub-000_ses-01_t[31]~sub-000_ses-01_t[32]~sub-000_ses-01_t[33]~sub-000_ses-01_t[34]~sub-000_ses-01_t[35]~sub-000_ses-01_t[36]~sub-000_ses-01_t[37]~sub-000_ses-01_t[38]~sub-000_ses-01_t[39]~sub-000_ses-01_t[40]~sub-000_ses-01_t[41]~sub-000_ses-01_t[42]~sub-000_ses-01_t[43]~sub-000_ses-01_t[44]~sub-000_ses-01_t[45]~sub-000_ses-01_t[46]~sub-000_ses-01_t[47]~sub-000_ses-01_t[48]~sub-000_ses-01_t[49]~sub-000_ses-01_t[50]~sub-000_ses-01_t[51]~sub-000_ses-01_t[52]~sub-000_ses-01_t[53]~sub-000_ses-01_t[54]~sub-000_ses-01_t[55]~sub-000_ses-01_t[56]~sub-000_ses-01_t[57]~sub-000_ses-01_t[58]~sub-000_ses-01_t[59]~sub-000_ses-01_t[60]~sub-000_ses-01_t[61]~sub-000_ses-01_t[62]~sub-000_ses-01_t[63]~sub-000_ses-01_t[64]~sub-000_ses-01_t[65]~sub-000_ses-01_t[66]~sub-000_ses-01_t[67]~sub-000_ses-01_t[68]~sub-000_ses-01_t[69]~sub-000_ses-01_t[70]~sub-000_ses-01_t[71]~sub-000_ses-01_t[72]~sub-000_ses-01_t[73]~sub-000_ses-01_t[74]~sub-000_ses-01_t[75]~sub-000_ses-01_t[76]~sub-000_ses-01_t[77]~sub-000_ses-01_t[78]~sub-000_ses-01_t[79]~sub-000_ses-01_t[80]~sub-000_ses-01_t[81]~sub-000_ses-01_t[82]~sub-000_ses-01_t[83]~sub-000_ses-01_t[84]~sub-000_ses-01_t[85]~sub-000_ses-01_t[86]~sub-000_ses-01_t[87]~sub-000_ses-01_t[88]~sub-000_ses-01_t[89]~sub-000_ses-01_t[90]~sub-000_ses-01_t[91]~sub-000_ses-01_t[92]~sub-000_ses-01_t[93]~sub-000_ses-01_t[94]~sub-000_ses-01_t[95]~sub-000_ses-01_t[96]~sub-000_ses-01_t[97]~sub-000_ses-01_t[98]~sub-000_ses-01_t[99]~sub-000_ses-01_t[100]~sub-000_ses-01_t[101]~sub-000_ses-01_t[102]~sub-000_ses-01_t[103]~sub-000_ses-01_t[104]~sub-000_ses-01_t[105]~sub-000_ses-01_t[106]~sub-000_ses-01_t[107]~sub-000_ses-01_t[108]~sub-000_ses-01_t[109]~sub-000_ses-01_t[110]~sub-000_ses-01_t[111]~sub-000_ses-01_t[112]~sub-000_ses-01_t[113]~sub-000_ses-01_t[114]~sub-000_ses-01_t[115]~sub-000_ses-01_t[116]~sub-000_ses-01_t[117]~sub-000_ses-01_t[118]~sub-000_ses-01_t[119]~sub-000_ses-01_t[120]~sub-000_ses-01_t[121]~sub-000_ses-01_t[122]~sub-000_ses-01_t[123]~sub-000_ses-01_t[124]~sub-000_ses-01_t[125]~sub-000_ses-01_t[126]~sub-000_ses-01_t[127]~sub-000_ses-01_t[128]~sub-000_ses-01_t[129]~sub-000_ses-01_t[130]~sub-000_ses-01_t[131]~sub-000_ses-01_t[132]~sub-000_ses-01_t[133]~sub-000_ses-01_t[134]~sub-000_ses-01_t[135]~sub-000_ses-01_t[136]~sub-000_ses-01_t[137]~sub-000_ses-01_t[138]~sub-000_ses-01_t[139]~sub-000_ses-01_t[140]~sub-000_ses-01_t[141]~sub-000_ses-01_t[142]~sub-000_ses-01_t[143]~sub-000_ses-01_t[144]~sub-000_ses-01_t[145]~sub-000_ses-01_t[146]~sub-000_ses-01_t[147]~sub-000_ses-01_t[148]~sub-000_ses-01_t[149]~sub-000_ses-01_t[150]~sub-000_ses-01_t[151]~sub-000_ses-01_t[152]~sub-000_ses-01_t[153]~sub-000_ses-01_t[154]~sub-000_ses-01_t[155]~sub-000_ses-01_t[156]~sub-000_ses-01_t[157]~sub-000_ses-01_t[158]~sub-000_ses-01_t[159]~sub-000_ses-01_t[160]~sub-000_ses-01_t[161]~sub-000_ses-01_t[162]~sub-000_ses-01_t[163]~sub-000_ses-01_t[164]~sub-000_ses-01_t[165]~sub-000_ses-01_t[166]~sub-000_ses-01_t[167]~sub-000_ses-01_t[168]~sub-000_ses-01_t[169]~

type = string-attribute
name = TEMPLATE_SPACE
count = 5
'ORIG~

type = integer-attribute
name = INT_CMAP
count = 1
 0

type = string-attribute
name = BYTEORDER_STRING
count = 10
'LSB_FIRST~
