
type = string-attribute
name = HISTORY_NOTE
count = 2344
'[taylorpa3@cn4365: Mon Mar 10 17:10:08 2025] ===================================\n[taylorpa3@cn4365: Mon Mar 10 17:10:08 2025] === History of inputs to 3dcalc ===\n[taylorpa3@cn4365: Mon Mar 10 17:10:08 2025] === Input a:\n[taylorpa3@cn4365: Mon Mar 10 17:10:08 2025] [taylorpa3@cn4365: Mon Mar 10 17:09:15 2025] {AFNI_25.0.07:linux_rocky_8} 3dAllineate -base sub-000_ses-01_run-01_T1w_ROT+orig -input pb02.sub-000.r01.tshift+orig -1Dmatrix_apply mat.r01.warp.aff12.1D -mast_dxyz 2 -prefix rm.epi.nomask.r01\n[taylorpa3@cn4365: Mon Mar 10 17:10:08 2025] === Input b:\n[taylorpa3@cn4365: Mon Mar 10 17:10:08 2025] [taylorpa3@cn4365: Mon Mar 10 17:09:11 2025] {AFNI_25.0.07:linux_rocky_8} 3dcalc -a pb02.sub-000.r01.tshift+orig -expr 1 -prefix rm.epi.all1\n[taylorpa3@cn4365: Mon Mar 10 17:09:25 2025] {AFNI_25.0.07:linux_rocky_8} 3dAllineate -base sub-000_ses-01_run-01_T1w_ROT+orig -input rm.epi.all1+orig -1Dmatrix_apply mat.r01.warp.aff12.1D -mast_dxyz 2 -final NN -quiet -prefix rm.epi.1.r01\n[taylorpa3@cn4365: Mon Mar 10 17:09:32 2025] {AFNI_25.0.07:linux_rocky_8} 3dTstat -min -prefix rm.epi.min.r01 rm.epi.1.r01+orig\n[taylorpa3@cn4365: Mon Mar 10 17:10:06 2025] {AFNI_25.0.07:linux_rocky_8} 3dMean -datum short -prefix rm.epi.mean rm.epi.min.r01+orig.HEAD rm.epi.min.r02+orig.HEAD\n[taylorpa3@cn4365: Mon Mar 10 17:10:06 2025] {AFNI_25.0.07:linux_rocky_8} 3dcalc -a rm.epi.mean+orig -expr 'step(a-0.999)' -prefix mask_epi_extents\n[taylorpa3@cn4365: Mon Mar 10 17:10:08 2025] ===================================\n[taylorpa3@cn4365: Mon Mar 10 17:10:08 2025] {AFNI_25.0.07:linux_rocky_8} 3dcalc -a rm.epi.nomask.r01+orig -b mask_epi_extents+orig -expr 'a*b' -prefix pb03.sub-000.r01.volreg\n[taylorpa3@cn4365: Mon Mar 10 17:10:39 2025] {AFNI_25.0.07:linux_rocky_8} 3dmerge -1blur_fwhm 4.0 -doall -prefix pb04.sub-000.r01.blur pb03.sub-000.r01.volreg+orig\n[taylorpa3@cn4365: Mon Mar 10 17:10:55 2025] {AFNI_25.0.07:linux_rocky_8} 3dAutomask -prefix rm.mask_r01 pb04.sub-000.r01.blur+orig\n[taylorpa3@cn4365: Mon Mar 10 17:10:57 2025] {AFNI_25.0.07:linux_rocky_8} 3dmask_tool -inputs rm.mask_r01+orig.HEAD rm.mask_r02+orig.HEAD -union -prefix full_mask.sub-000\n[taylorpa3@cn4365: Mon Mar 10 17:10:58 2025] {AFNI_25.0.07:linux_rocky_8} 3dmask_tool -input full_mask.sub-000+orig mask_anat.sub-000+orig -inter -prefix mask_epi_anat.sub-000~

type = string-attribute
name = TYPESTRING
count = 15
'3DIM_HEAD_FUNC~

type = string-attribute
name = IDCODE_STRING
count = 27
'AFN_XvC8wtVRJ6CymNxl05ZpvQ~

type = string-attribute
name = IDCODE_DATE
count = 25
'Mon Mar 10 17:10:58 2025~

type = integer-attribute
name = SCENE_DATA
count = 8
 0 0 1 -999 -999
 -999 -999 -999

type = string-attribute
name = LABEL_1
count = 5
'zyxt~

type = string-attribute
name = LABEL_2
count = 5
'zyxt~

type = string-attribute
name = DATASET_NAME
count = 5
'zyxt~

type = integer-attribute
name = ORIENT_SPECIFIC
count = 3
 0 2 4

type  = float-attribute
name  = ORIGIN
count = 3
        -77.177        65.3865       -50.8289

type  = float-attribute
name  = DELTA
count = 3
              2             -2              2

type  = float-attribute
name  = IJK_TO_DICOM
count = 12
              2              0              0        -77.177              0
             -2              0        65.3865              0              0
              2       -50.8289

type  = float-attribute
name  = IJK_TO_DICOM_REAL
count = 12
              2              0              0        -77.177              0
             -2              0        65.3865              0              0
              2       -50.8289

type  = float-attribute
name  = BRICK_STATS
count = 2
              0              1

type = integer-attribute
name = DATASET_RANK
count = 8
 3 1 0 0 0
 0 0 0

type = integer-attribute
name = DATASET_DIMENSIONS
count = 5
 80 80 50 0 0

type = integer-attribute
name = BRICK_TYPES
count = 1
 0

type  = float-attribute
name  = BRICK_FLOAT_FACS
count = 1
              0

type = string-attribute
name = BRICK_LABS
count = 3
'#0~

type = string-attribute
name = BRICK_KEYWORDS
count = 1
'~

type = string-attribute
name = TEMPLATE_SPACE
count = 5
'ORIG~

type = integer-attribute
name = INT_CMAP
count = 1
 0

type = string-attribute
name = BYTEORDER_STRING
count = 10
'LSB_FIRST~
