{
	"Modality": "MR",
	"MagneticFieldStrength": 3,
	"ImagingFrequency": 127.696447,
	"Manufacturer": "GE",
	"InternalPulseSequenceName": "EPI",
	"ManufacturersModelName": "DISCOVERY MR750",
	"InstitutionName": "NIH FMRIF",
	"DeviceSerialNumber": "000301496MR3T6MR",
	"StationName": "FMRI3tb",
	"BodyPartExamined": "BRAIN",
	"PatientPosition": "HFS",
	"ProcedureStepDescription": "Gradient Echo",
	"SoftwareVersions": "27\\LX\\MR Software release:DV26.0_R03_1831.b",
	"MRAcquisitionType": "2D",
	"SeriesDescription": "EPI task or rest 2.5 mm",
	"ProtocolName": "VR prototyping template",
	"ScanningSequence": "EP\\RM",
	"SequenceVariant": "NONE",
	"ScanOptions": "SAT_GEMS\\EPI_GEMS\\ACC_GEMS\\FS",
	"PulseSequenceName": "epiRTnih",
	"ImageType": ["ORIGINAL", "PRIMARY", "EPI", "NONE"],
	"SeriesNumber": 7,
	"AcquisitionTime": "15:26:4.000000",
	"AcquisitionNumber": 1,
	"SliceThickness": 2,
	"SpacingBetweenSlices": 2.5,
	"SAR": 0.0934555,
	"EchoTime": 0.025,
	"RepetitionTime": 2,
	"FlipAngle": 75,
	"PhaseEncodingPolarityGE": "Flipped",
	"ShimSetting": [
		1,
		-1,
		7	],
	"PrescanReuseString": "TG/s2,RN/s1",
	"CoilString": "32Ch Head",
	"PercentPhaseFOV": 100,
	"PercentSampling": 100,
	"AcquisitionMatrixPE": 70,
	"ReconMatrixPE": 70,
	"ParallelReductionFactorInPlane": 2,
	"EffectiveEchoSpacing": 0.000314493,
	"TotalReadoutTime": 0.0217,
	"PixelBandwidth": 7142.86,
	"PhaseEncodingDirection": "j",
	"SliceTiming": [
		0,
		1.02703,
		0.0540541,
		1.08108,
		0.108108,
		1.13514,
		0.162162,
		1.18919,
		0.216216,
		1.24324,
		0.27027,
		1.2973,
		0.324324,
		1.35135,
		0.378378,
		1.40541,
		0.432432,
		1.45946,
		0.486486,
		1.51351,
		0.540541,
		1.56757,
		0.594595,
		1.62162,
		0.648649,
		1.67568,
		0.702703,
		1.72973,
		0.756757,
		1.78378,
		0.810811,
		1.83784,
		0.864865,
		1.89189,
		0.918919,
		1.94595,
		0.972973	],
	"ImageOrientationPatientDICOM": [
		1,
		-0,
		0,
		-0,
		1,
		0	],
	"InPlanePhaseEncodingDirectionDICOM": "COL",
	"BidsGuess": ["func","_acq-EPIp2_dir-PA_run-7_bold"],
	"ConversionSoftware": "dcm2niix",
	"ConversionSoftwareVersion": "v1.0.20240202"
}
